PATH
  remote: .
  specs:
    time_tap (0.3.0)
      actionpack (~> 2.3.8)
      activesupport (~> 2.3.8)
      haml
      i18n (~> 0.3.5)
      rb-appscript
      sinatra (~> 1.0)

GEM
  remote: http://rubygems.org/
  specs:
    actionpack (2.3.14)
      activesupport (= 2.3.14)
      rack (~> 1.1.0)
    activesupport (2.3.14)
    diff-lcs (1.1.3)
    haml (3.1.4)
    i18n (0.3.7)
    notify (0.3.0)
    rack (1.1.2)
    rb-appscript (0.6.1)
    rb-fsevent (0.4.3.1)
    rspec (2.7.0)
      rspec-core (~> 2.7.0)
      rspec-expectations (~> 2.7.0)
      rspec-mocks (~> 2.7.0)
    rspec-core (2.7.1)
    rspec-expectations (2.7.0)
      diff-lcs (~> 1.1.2)
    rspec-mocks (2.7.0)
    sinatra (1.2.7)
      rack (~> 1.1)
      tilt (>= 1.2.2, < 2.0)
    spectator (1.1.a)
      notify
      rb-fsevent
      term-ansicolor
    term-ansicolor (1.0.7)
    tilt (1.3.3)
    yard (0.6.1)

PLATFORMS
  ruby

DEPENDENCIES
  bundler (~> 1.0)
  rspec (~> 2.0)
  spectator (~> 1.1.a)
  time_tap!
  yard
