PATH
  remote: .
  specs:
    time_tap (0.3.0)
      actionpack (~> 3.1.0)
      activesupport (~> 3.1.0)
      haml
      rb-appscript
      sass
      sinatra (~> 1.0)

GEM
  remote: http://rubygems.org/
  specs:
    actionpack (3.1.1)
      activemodel (= 3.1.1)
      activesupport (= 3.1.1)
      builder (~> 3.0.0)
      erubis (~> 2.7.0)
      i18n (~> 0.6)
      rack (~> 1.3.2)
      rack-cache (~> 1.1)
      rack-mount (~> 0.8.2)
      rack-test (~> 0.6.1)
      sprockets (~> 2.0.2)
    activemodel (3.1.1)
      activesupport (= 3.1.1)
      builder (~> 3.0.0)
      i18n (~> 0.6)
    activesupport (3.1.1)
      multi_json (~> 1.0)
    builder (3.0.0)
    diff-lcs (1.1.3)
    erubis (2.7.0)
    haml (3.1.4)
    hike (1.2.1)
    i18n (0.6.0)
    multi_json (1.0.4)
    notify (0.3.0)
    rack (1.3.5)
    rack-cache (1.1)
      rack (>= 0.4)
    rack-mount (0.8.3)
      rack (>= 1.0.0)
    rack-test (0.6.1)
      rack (>= 1.0)
    rb-appscript (0.6.1)
    rb-fsevent (0.4.3.1)
    rspec (2.7.0)
      rspec-core (~> 2.7.0)
      rspec-expectations (~> 2.7.0)
      rspec-mocks (~> 2.7.0)
    rspec-core (2.7.1)
    rspec-expectations (2.7.0)
      diff-lcs (~> 1.1.2)
    rspec-mocks (2.7.0)
    sass (3.1.12)
    sinatra (1.2.7)
      rack (~> 1.1)
      tilt (>= 1.2.2, < 2.0)
    spectator (1.1.a)
      notify
      rb-fsevent
      term-ansicolor
    sprockets (2.0.3)
      hike (~> 1.2)
      rack (~> 1.0)
      tilt (~> 1.1, != 1.3.0)
    term-ansicolor (1.0.7)
    tilt (1.3.3)
    yard (0.6.1)

PLATFORMS
  ruby

DEPENDENCIES
  bundler (~> 1.0)
  rspec (~> 2.0)
  spectator (~> 1.1.a)
  time_tap!
  yard
