GEM
  remote: http://rubygems.org/
  specs:
    actionpack (2.3.9)
      activesupport (= 2.3.9)
      rack (~> 1.1.0)
    activesupport (2.3.9)
    haml (3.0.18)
    i18n (0.3.7)
    rack (1.1.0)
    rb-appscript (0.5.3)
    sinatra (1.0)
      rack (>= 1.0)

PLATFORMS
  ruby

DEPENDENCIES
  actionpack (~> 2.3.8)
  activesupport (~> 2.3.8)
  haml
  i18n (~> 0.3.5)
  rb-appscript
  sinatra
